GIT
  remote: git://github.com/skofo/pow.git
  revision: ee1f565bb2535404c056a9a72048a36f0d09a4a8
  ref: ee1f565
  specs:
    pow (0.2.2)

GIT
  remote: git://github.com/skofo/rubygame.git
  revision: f1d19872333de563554c01b6baba4471aa252d0e
  ref: f1d1987
  specs:
    rubygame (2.7.0)
      rake (>= 0.7.0)
      ruby-sdl-ffi (>= 0.1.0)

GEM
  remote: https://rubygems.org/
  specs:
    celluloid (0.15.2)
      timers (~> 1.1.0)
    coderay (1.0.9)
    diff-lcs (1.2.4)
    ffi (1.9.0)
    formatador (0.2.4)
    guard (2.0.3)
      formatador (>= 0.2.4)
      listen (~> 2.0)
      lumberjack (~> 1.0)
      pry (>= 0.9.12)
      thor (>= 0.18.1)
    guard-rspec (3.1.0)
      guard (>= 1.8)
      rspec (~> 2.13)
    libnotify (0.8.2)
      ffi (>= 1.0.11)
    listen (2.0.1)
      celluloid (>= 0.15.2)
      rb-fsevent (>= 0.9.3)
      rb-inotify (>= 0.9)
    lumberjack (1.0.4)
    method_source (0.8.2)
    nice-ffi (0.4)
      ffi (>= 0.5.0)
    pry (0.9.12.2)
      coderay (~> 1.0.5)
      method_source (~> 0.8)
      slop (~> 3.4)
    rake (10.1.0)
    rb-fsevent (0.9.3)
    rb-inotify (0.9.2)
      ffi (>= 0.5.0)
    rspec (2.14.1)
      rspec-core (~> 2.14.0)
      rspec-expectations (~> 2.14.0)
      rspec-mocks (~> 2.14.0)
    rspec-core (2.14.5)
    rspec-expectations (2.14.3)
      diff-lcs (>= 1.1.3, < 2.0)
    rspec-mocks (2.14.3)
    ruby-sdl-ffi (0.4)
      nice-ffi (>= 0.2)
    slop (3.4.6)
    thor (0.18.1)
    timers (1.1.0)
    yard (0.8.7.2)

PLATFORMS
  ruby

DEPENDENCIES
  guard-rspec
  libnotify
  pow!
  rspec
  rubygame!
  yard
